GIT
  remote: git@github.com:hmoore-r7/metasploit_data_models.git
  revision: 73846d7fb08817e44ec09684d7af1cd2372f6799
  specs:
    metasploit_data_models (0.19.7)
      activerecord (>= 3.2.13, < 4.0.0)
      activesupport
      arel-helpers
      metasploit-concern (~> 0.1.0)
      metasploit-model (~> 0.26.1)
      pg
      recog

PATH
  remote: .
  specs:
    metasploit-framework (4.10.1.pre.dev)
      actionpack (< 4.0.0)
      activesupport (>= 3.0.0, < 4.0.0)
      bcrypt
      json
      metasploit-model (~> 0.26.1)
      meterpreter_bins (= 0.0.6)
      msgpack
      nokogiri
      packetfu (= 1.1.9)
      railties
      rkelly-remix (= 0.0.6)
      robots
      rubyzip (~> 1.1)
      sqlite3
      tzinfo

GEM
  remote: https://rubygems.org/
  specs:
    actionpack (3.2.19)
      activemodel (= 3.2.19)
      activesupport (= 3.2.19)
      builder (~> 3.0.0)
      erubis (~> 2.7.0)
      journey (~> 1.0.4)
      rack (~> 1.4.5)
      rack-cache (~> 1.2)
      rack-test (~> 0.6.1)
      sprockets (~> 2.2.1)
    activemodel (3.2.19)
      activesupport (= 3.2.19)
      builder (~> 3.0.0)
    activerecord (3.2.19)
      activemodel (= 3.2.19)
      activesupport (= 3.2.19)
      arel (~> 3.0.2)
      tzinfo (~> 0.3.29)
    activesupport (3.2.19)
      i18n (~> 0.6, >= 0.6.4)
      multi_json (~> 1.0)
    arel (3.0.3)
    arel-helpers (2.0.1)
      activerecord (>= 3.1.0, < 5)
    bcrypt (3.1.7)
    builder (3.0.4)
    coderay (1.1.0)
    diff-lcs (1.2.4)
    erubis (2.7.0)
    factory_girl (4.2.0)
      activesupport (>= 3.0.0)
    factory_girl_rails (4.2.1)
      factory_girl (~> 4.2.0)
      railties (>= 3.0.0)
    fivemat (1.2.1)
    hike (1.2.3)
    i18n (0.6.9)
    journey (1.0.4)
    json (1.8.1)
    metasploit-concern (0.1.1)
      activesupport (~> 3.0, >= 3.0.0)
    metasploit-credential (0.8.9)
      metasploit-concern (~> 0.1.0)
      metasploit-model (~> 0.26.1)
      metasploit_data_models (~> 0.19.4)
      pg
      rubyntlm
      rubyzip (~> 1.1)
    metasploit-model (0.26.1)
      activesupport
    meterpreter_bins (0.0.6)
    method_source (0.8.2)
    mini_portile (0.6.0)
    msgpack (0.5.8)
    multi_json (1.0.4)
    network_interface (0.0.1)
    nokogiri (1.6.3.1)
      mini_portile (= 0.6.0)
    packetfu (1.1.9)
    pcaprub (0.11.3)
    pg (0.17.1)
    pry (0.10.0)
      coderay (~> 1.1.0)
      method_source (~> 0.8.1)
      slop (~> 3.4)
    rack (1.4.5)
    rack-cache (1.2)
      rack (>= 0.4)
    rack-ssl (1.3.4)
      rack
    rack-test (0.6.2)
      rack (>= 1.0)
    railties (3.2.19)
      actionpack (= 3.2.19)
      activesupport (= 3.2.19)
      rack-ssl (~> 1.3.2)
      rake (>= 0.8.7)
      rdoc (~> 3.4)
      thor (>= 0.14.6, < 2.0)
    rake (10.1.0)
    rdoc (3.12.2)
      json (~> 1.4)
    recog (0.01)
      nokogiri
    redcarpet (3.0.0)
    rkelly-remix (0.0.6)
    robots (0.10.1)
    rspec (2.14.1)
      rspec-core (~> 2.14.0)
      rspec-expectations (~> 2.14.0)
      rspec-mocks (~> 2.14.0)
    rspec-core (2.14.5)
    rspec-expectations (2.14.2)
      diff-lcs (>= 1.1.3, < 2.0)
    rspec-mocks (2.14.3)
    rspec-rails (2.14.2)
      actionpack (>= 3.0)
      activemodel (>= 3.0)
      activesupport (>= 3.0)
      railties (>= 3.0)
      rspec-core (~> 2.14.0)
      rspec-expectations (~> 2.14.0)
      rspec-mocks (~> 2.14.0)
    rubyntlm (0.4.0)
    rubyzip (1.1.6)
    shoulda-matchers (2.3.0)
      activesupport (>= 3.0.0)
    simplecov (0.5.4)
      multi_json (~> 1.0.3)
      simplecov-html (~> 0.5.3)
    simplecov-html (0.5.3)
    slop (3.6.0)
    sprockets (2.2.2)
      hike (~> 1.2)
      multi_json (~> 1.0)
      rack (~> 1.0)
      tilt (~> 1.1, != 1.3.0)
    sqlite3 (1.3.9)
    thor (0.19.1)
    tilt (1.4.1)
    timecop (0.6.3)
    tzinfo (0.3.39)
    yard (0.8.7)

PLATFORMS
  ruby

DEPENDENCIES
  activerecord (>= 3.0.0, < 4.0.0)
  factory_girl (>= 4.1.0)
  factory_girl_rails
  fivemat (= 1.2.1)
  metasploit-credential (>= 0.8.6, < 0.9)
  metasploit-framework!
  metasploit_data_models!
  network_interface (~> 0.0.1)
  pcaprub
  pg (>= 0.11)
  pry
  rake (>= 10.0.0)
  redcarpet
  rspec (>= 2.12, < 3.0.0)
  rspec-rails (>= 2.12, < 3.0.0)
  shoulda-matchers
  simplecov (= 0.5.4)
  timecop
  yard
