GIT
  remote: git://github.com/rapid7/metasploit-concern.git
  revision: e578221e88cfcbaccdb2de3dda957312ec334f4f
  branch: staging/rails-4.0
  specs:
    metasploit-concern (1.0.0.pre.rails.pre.4.0)
      activerecord (>= 4.0.9, < 4.1.0)
      activesupport (>= 4.0.9, < 4.1.0)
      railties (>= 4.0.9, < 4.1.0)

GIT
  remote: git://github.com/rapid7/metasploit-credential.git
  revision: 1e5a5af75e9a8f431c7202160863aafa97d4dbe4
  branch: staging/rails-4.0
  specs:
    metasploit-credential (1.0.0.pre.rails.pre.4.0)
      metasploit-concern
      metasploit-model
      metasploit_data_models
      pg
      railties
      rubyntlm
      rubyzip (~> 1.1)

GIT
  remote: git://github.com/rapid7/metasploit-model.git
  revision: aeb1b89d7b2245f4df52976f9da0983e949bc2fe
  branch: staging/rails-4.0
  specs:
    metasploit-model (1.0.0.pre.rails.pre.4.0)
      activesupport (>= 4.0.9, < 4.1.0)
      protected_attributes
      railties (>= 4.0.9, < 4.1.0)

GIT
  remote: git://github.com/rapid7/metasploit_data_models.git
  revision: ae47cb9bd891b13051fb2fdc084bcce58202e18d
  branch: staging/rails-4.0
  specs:
    metasploit_data_models (1.0.0.pre.rails.pre.4.0)
      activerecord (>= 4.0.9, < 4.1.0)
      activesupport (>= 4.0.9, < 4.1.0)
      arel-helpers
      metasploit-concern
      metasploit-model
      pg
      postgres_ext
      railties (>= 4.0.9, < 4.1.0)
      recog (~> 1.0)

PATH
  remote: .
  specs:
    metasploit-framework (4.11.0.pre.dev)
      actionpack (>= 4.0.0, < 4.1.0)
      activesupport (>= 4.0.0, < 4.1.0)
      bcrypt
      jsobfu (~> 0.2.0)
      json
      meterpreter_bins (= 0.0.12)
      msgpack
      nokogiri
      packetfu (= 1.1.9)
      railties
      rb-readline
      recog (~> 1.0)
      robots
      rubyzip (~> 1.1)
      sqlite3
      tzinfo
    metasploit-framework-db (4.11.0.pre.dev)
      activerecord (>= 4.0.0, < 4.1.0)
      metasploit-framework (= 4.11.0.pre.dev)
      pg (>= 0.11)
    metasploit-framework-pcap (4.11.0.pre.dev)
      metasploit-framework (= 4.11.0.pre.dev)
      network_interface (~> 0.0.1)
      pcaprub

GEM
  remote: https://rubygems.org/
  specs:
    actionmailer (4.0.10)
      actionpack (= 4.0.10)
      mail (~> 2.5, >= 2.5.4)
    actionpack (4.0.10)
      activesupport (= 4.0.10)
      builder (~> 3.1.0)
      erubis (~> 2.7.0)
      rack (~> 1.5.2)
      rack-test (~> 0.6.2)
    activemodel (4.0.10)
      activesupport (= 4.0.10)
      builder (~> 3.1.0)
    activerecord (4.0.10)
      activemodel (= 4.0.10)
      activerecord-deprecated_finders (~> 1.0.2)
      activesupport (= 4.0.10)
      arel (~> 4.0.0)
    activerecord-deprecated_finders (1.0.3)
    activesupport (4.0.10)
      i18n (~> 0.6, >= 0.6.9)
      minitest (~> 4.2)
      multi_json (~> 1.3)
      thread_safe (~> 0.1)
      tzinfo (~> 0.3.37)
    arel (4.0.2)
    arel-helpers (2.0.1)
      activerecord (>= 3.1.0, < 5)
    aruba (0.6.1)
      childprocess (>= 0.3.6)
      cucumber (>= 1.1.1)
      rspec-expectations (>= 2.7.0)
    bcrypt (3.1.9)
    builder (3.1.4)
    capybara (2.4.1)
      mime-types (>= 1.16)
      nokogiri (>= 1.3.3)
      rack (>= 1.0.0)
      rack-test (>= 0.5.4)
      xpath (~> 2.0)
    childprocess (0.5.3)
      ffi (~> 1.0, >= 1.0.11)
    coderay (1.1.0)
    cucumber (1.3.16)
      builder (>= 2.1.2)
      diff-lcs (>= 1.1.3)
      gherkin (~> 2.12)
      multi_json (>= 1.7.5, < 2.0)
      multi_test (>= 0.1.1)
    cucumber-rails (1.4.1)
      capybara (>= 1.1.2, < 3)
      cucumber (>= 1.3.8, < 2)
      mime-types (~> 1.16)
      nokogiri (~> 1.5)
      rails (>= 3, < 5)
    diff-lcs (1.2.5)
    docile (1.1.5)
    erubis (2.7.0)
    factory_girl (4.4.0)
      activesupport (>= 3.0.0)
    factory_girl_rails (4.4.1)
      factory_girl (~> 4.4.0)
      railties (>= 3.0.0)
    ffi (1.9.3)
    fivemat (1.2.1)
    gherkin (2.12.2)
      multi_json (~> 1.3)
    hike (1.2.3)
    i18n (0.6.11)
    jsobfu (0.2.1)
      rkelly-remix (= 0.0.6)
    json (1.8.1)
    mail (2.6.1)
      mime-types (>= 1.16, < 3)
    meterpreter_bins (0.0.12)
    method_source (0.8.2)
    mime-types (1.25.1)
    mini_portile (0.6.0)
    minitest (4.7.5)
    msgpack (0.5.9)
    multi_json (1.10.1)
    multi_test (0.1.1)
    network_interface (0.0.1)
    nokogiri (1.6.3.1)
      mini_portile (= 0.6.0)
    packetfu (1.1.9)
    pcaprub (0.12.0)
    pg (0.17.1)
    pg_array_parser (0.0.9)
    postgres_ext (2.3.0)
      activerecord (>= 4.0.0)
      arel (>= 4.0.1)
      pg_array_parser (~> 0.0.9)
    protected_attributes (1.0.8)
      activemodel (>= 4.0.1, < 5.0)
    pry (0.10.0)
      coderay (~> 1.1.0)
      method_source (~> 0.8.1)
      slop (~> 3.4)
    rack (1.5.2)
    rack-test (0.6.2)
      rack (>= 1.0)
    rails (4.0.10)
      actionmailer (= 4.0.10)
      actionpack (= 4.0.10)
      activerecord (= 4.0.10)
      activesupport (= 4.0.10)
      bundler (>= 1.3.0, < 2.0)
      railties (= 4.0.10)
      sprockets-rails (~> 2.0)
    railties (4.0.10)
      actionpack (= 4.0.10)
      activesupport (= 4.0.10)
      rake (>= 0.8.7)
      thor (>= 0.18.1, < 2.0)
    rake (10.3.2)
    rb-readline (0.5.2)
    recog (1.0.0)
      nokogiri
    redcarpet (3.1.2)
    rkelly-remix (0.0.6)
    robots (0.10.1)
    rspec (2.99.0)
      rspec-core (~> 2.99.0)
      rspec-expectations (~> 2.99.0)
      rspec-mocks (~> 2.99.0)
    rspec-collection_matchers (1.0.0)
      rspec-expectations (>= 2.99.0.beta1)
    rspec-core (2.99.2)
    rspec-expectations (2.99.2)
      diff-lcs (>= 1.1.3, < 2.0)
    rspec-mocks (2.99.2)
    rspec-rails (2.99.0)
      actionpack (>= 3.0)
      activemodel (>= 3.0)
      activesupport (>= 3.0)
      railties (>= 3.0)
      rspec-collection_matchers
      rspec-core (~> 2.99.0)
      rspec-expectations (~> 2.99.0)
      rspec-mocks (~> 2.99.0)
    rubyntlm (0.4.0)
    rubyzip (1.1.6)
    shoulda-matchers (2.6.2)
    simplecov (0.9.1)
      docile (~> 1.1.0)
      multi_json (~> 1.0)
      simplecov-html (~> 0.8.0)
    simplecov-html (0.8.0)
    slop (3.6.0)
    sprockets (2.12.2)
      hike (~> 1.2)
      multi_json (~> 1.0)
      rack (~> 1.0)
      tilt (~> 1.1, != 1.3.0)
    sprockets-rails (2.1.4)
      actionpack (>= 3.0)
      activesupport (>= 3.0)
      sprockets (~> 2.8)
    sqlite3 (1.3.10)
    thor (0.19.1)
    thread_safe (0.3.4)
    tilt (1.4.1)
    timecop (0.7.1)
    tzinfo (0.3.42)
    xpath (2.0.0)
      nokogiri (~> 1.3)
    yard (0.8.7.4)

PLATFORMS
  ruby

DEPENDENCIES
  aruba
  cucumber-rails
  factory_girl (>= 4.1.0)
  factory_girl_rails
  fivemat (= 1.2.1)
  metasploit-concern!
  metasploit-credential!
  metasploit-framework!
  metasploit-framework-db!
  metasploit-framework-pcap!
  metasploit-model!
  metasploit_data_models!
  pry
  rake (>= 10.0.0)
  redcarpet
  rspec (>= 2.12, < 3.0.0)
  rspec-rails (>= 2.12, < 3.0.0)
  shoulda-matchers
  simplecov
  timecop
  yard
