GIT
  remote: github-metasploit-credential:rapid7/metasploit-credential.git
  revision: 58966c7831621fb14f6a898e170a00d5574ac696
  tag: v0.4.2-electro-release
  specs:
    metasploit-credential (0.4.2.pre.electro.pre.release)
      metasploit-concern (~> 0.1.0)
      metasploit_data_models (~> 0.17.0)
      rubyntlm
      rubyzip (~> 1.1)

PATH
  remote: .
  specs:
    metasploit-framework (4.9.3.pre.dev)
      activesupport (>= 3.0.0, < 4.0.0)
      bcrypt
      json
      msgpack
      nokogiri
      packetfu (= 1.1.9)
      railties
      rkelly-remix (= 0.0.6)
      robots
      rubyzip (~> 1.1)
      sqlite3
      tzinfo

GEM
  remote: https://rubygems.org/
  specs:
    actionpack (3.2.17)
      activemodel (= 3.2.17)
      activesupport (= 3.2.17)
      builder (~> 3.0.0)
      erubis (~> 2.7.0)
      journey (~> 1.0.4)
      rack (~> 1.4.5)
      rack-cache (~> 1.2)
      rack-test (~> 0.6.1)
      sprockets (~> 2.2.1)
    activemodel (3.2.17)
      activesupport (= 3.2.17)
      builder (~> 3.0.0)
    activerecord (3.2.17)
      activemodel (= 3.2.17)
      activesupport (= 3.2.17)
      arel (~> 3.0.2)
      tzinfo (~> 0.3.29)
    activesupport (3.2.17)
      i18n (~> 0.6, >= 0.6.4)
      multi_json (~> 1.0)
    arel (3.0.3)
    bcrypt (3.1.7)
    builder (3.0.4)
    diff-lcs (1.2.5)
    erubis (2.7.0)
    factory_girl (4.4.0)
      activesupport (>= 3.0.0)
    factory_girl_rails (4.4.1)
      factory_girl (~> 4.4.0)
      railties (>= 3.0.0)
    fivemat (1.2.1)
    hike (1.2.3)
    i18n (0.6.9)
    journey (1.0.4)
    json (1.8.1)
    metasploit-concern (0.1.0)
      activesupport (~> 3.0, >= 3.0.0)
    metasploit_data_models (0.17.1)
      activerecord (>= 3.2.13, < 4.0.0)
      activesupport
      pg
    mini_portile (0.6.0)
    msgpack (0.5.8)
    multi_json (1.0.4)
    network_interface (0.0.1)
    nokogiri (1.6.2.1)
      mini_portile (= 0.6.0)
    packetfu (1.1.9)
    pcaprub (0.11.3)
    pg (0.17.1)
    rack (1.4.5)
    rack-cache (1.2)
      rack (>= 0.4)
    rack-ssl (1.3.4)
      rack
    rack-test (0.6.2)
      rack (>= 1.0)
    railties (3.2.17)
      actionpack (= 3.2.17)
      activesupport (= 3.2.17)
      rack-ssl (~> 1.3.2)
      rake (>= 0.8.7)
      rdoc (~> 3.4)
      thor (>= 0.14.6, < 2.0)
    rake (10.3.1)
    rdoc (3.12.2)
      json (~> 1.4)
    redcarpet (3.1.1)
    rkelly-remix (0.0.6)
    robots (0.10.1)
    rspec (2.14.1)
      rspec-core (~> 2.14.0)
      rspec-expectations (~> 2.14.0)
      rspec-mocks (~> 2.14.0)
    rspec-core (2.14.8)
    rspec-expectations (2.14.5)
      diff-lcs (>= 1.1.3, < 2.0)
    rspec-mocks (2.14.6)
    rspec-rails (2.14.2)
      actionpack (>= 3.0)
      activemodel (>= 3.0)
      activesupport (>= 3.0)
      railties (>= 3.0)
      rspec-core (~> 2.14.0)
      rspec-expectations (~> 2.14.0)
      rspec-mocks (~> 2.14.0)
    rubyntlm (0.4.0)
    rubyzip (1.1.4)
    shoulda-matchers (2.6.0)
      activesupport (>= 3.0.0)
    simplecov (0.5.4)
      multi_json (~> 1.0.3)
      simplecov-html (~> 0.5.3)
    simplecov-html (0.5.3)
    sprockets (2.2.2)
      hike (~> 1.2)
      multi_json (~> 1.0)
      rack (~> 1.0)
      tilt (~> 1.1, != 1.3.0)
    sqlite3 (1.3.9)
    thor (0.19.1)
    tilt (1.4.1)
    timecop (0.7.1)
    tzinfo (0.3.39)
    yard (0.8.7.4)

PLATFORMS
  ruby

DEPENDENCIES
  activerecord (>= 3.0.0, < 4.0.0)
  factory_girl (>= 4.1.0)
  factory_girl_rails
  fivemat (= 1.2.1)
  metasploit-credential!
  metasploit-framework!
  metasploit_data_models (~> 0.17.1)
  network_interface (~> 0.0.1)
  pcaprub
  pg (>= 0.11)
  rake (>= 10.0.0)
  redcarpet
  rspec (>= 2.12)
  rspec-rails
  shoulda-matchers
  simplecov (= 0.5.4)
  timecop
  yard
