GEM
  remote: http://rubygems.org/
  specs:
    rake (0.9.2.2)
    redcarpet (2.1.1)
    yard (0.8.2.1)

PLATFORMS
  ruby

DEPENDENCIES
  rake
  redcarpet
  yard
