GIT
  remote: git@github.com:hmoore-r7/metasploit_data_models.git
  revision: 369398260def99448ff26371d304bb03b2176b4c
  specs:
    metasploit_data_models (0.17.0)
      activerecord (>= 3.2.13)
      activesupport
      pg

GIT
  remote: git@github.com:rapid7/recog.git
  revision: 915799d493f96ea8c6981fc8b4bc3fc06acde06c
  specs:
    recog (0.01)
      nokogiri

GEM
  remote: https://rubygems.org/
  specs:
    activemodel (3.2.17)
      activesupport (= 3.2.17)
      builder (~> 3.0.0)
    activerecord (3.2.17)
      activemodel (= 3.2.17)
      activesupport (= 3.2.17)
      arel (~> 3.0.2)
      tzinfo (~> 0.3.29)
    activesupport (3.2.17)
      i18n (~> 0.6, >= 0.6.4)
      multi_json (~> 1.0)
    arel (3.0.3)
    bcrypt (3.1.7)
    builder (3.0.4)
    database_cleaner (1.1.1)
    diff-lcs (1.2.4)
    factory_girl (4.2.0)
      activesupport (>= 3.0.0)
    fivemat (1.2.1)
    i18n (0.6.9)
    json (1.8.0)
    mini_portile (0.5.2)
    msgpack (0.5.5)
    multi_json (1.0.4)
    network_interface (0.0.1)
    nokogiri (1.6.1)
      mini_portile (~> 0.5.0)
    packetfu (1.1.9)
    pcaprub (0.11.3)
    pg (0.17.1)
    rake (10.1.0)
    redcarpet (3.0.0)
    rkelly-remix (0.0.6)
    robots (0.10.1)
    rspec (2.14.1)
      rspec-core (~> 2.14.0)
      rspec-expectations (~> 2.14.0)
      rspec-mocks (~> 2.14.0)
    rspec-core (2.14.5)
    rspec-expectations (2.14.2)
      diff-lcs (>= 1.1.3, < 2.0)
    rspec-mocks (2.14.3)
    shoulda-matchers (2.3.0)
      activesupport (>= 3.0.0)
    simplecov (0.5.4)
      multi_json (~> 1.0.3)
      simplecov-html (~> 0.5.3)
    simplecov-html (0.5.3)
    sqlite3 (1.3.9)
    timecop (0.6.3)
    tzinfo (0.3.39)
    yard (0.8.7)

PLATFORMS
  ruby

DEPENDENCIES
  activerecord (>= 3.0.0, < 4.0.0)
  activesupport (>= 3.0.0, < 4.0.0)
  bcrypt
  database_cleaner
  factory_girl (>= 4.1.0)
  fivemat (= 1.2.1)
  json
  metasploit_data_models!
  msgpack
  network_interface (~> 0.0.1)
  nokogiri
  packetfu (= 1.1.9)
  pcaprub
  pg (>= 0.11)
  rake (>= 10.0.0)
  recog!
  redcarpet
  rkelly-remix (= 0.0.6)
  robots
  rspec (>= 2.12)
  shoulda-matchers
  simplecov (= 0.5.4)
  sqlite3
  timecop
  yard
