GEM
  remote: https://rubygems.org/
  specs:
    activemodel (3.2.17)
      activesupport (= 3.2.17)
      builder (~> 3.0.0)
    activerecord (3.2.17)
      activemodel (= 3.2.17)
      activesupport (= 3.2.17)
      arel (~> 3.0.2)
      tzinfo (~> 0.3.29)
    activesupport (3.2.17)
      i18n (~> 0.6, >= 0.6.4)
      multi_json (~> 1.0)
    arel (3.0.3)
    bcrypt (3.1.7)
    builder (3.0.4)
    database_cleaner (1.2.0)
    diff-lcs (1.2.5)
    factory_girl (4.4.0)
      activesupport (>= 3.0.0)
    fivemat (1.2.1)
    i18n (0.6.9)
    json (1.8.1)
    metasploit_data_models (0.17.0)
      activerecord (>= 3.2.13)
      activesupport
      pg
    mini_portile (0.5.3)
    msgpack (0.5.8)
    multi_json (1.0.4)
    network_interface (0.0.1)
    nokogiri (1.6.1)
      mini_portile (~> 0.5.0)
    packetfu (1.1.9)
    pcaprub (0.11.3)
    pg (0.17.1)
    rake (10.3.1)
    redcarpet (3.1.1)
    rkelly-remix (0.0.6)
    robots (0.10.1)
    rspec (2.14.1)
      rspec-core (~> 2.14.0)
      rspec-expectations (~> 2.14.0)
      rspec-mocks (~> 2.14.0)
    rspec-core (2.14.8)
    rspec-expectations (2.14.5)
      diff-lcs (>= 1.1.3, < 2.0)
    rspec-mocks (2.14.6)
    shoulda-matchers (2.6.0)
      activesupport (>= 3.0.0)
    simplecov (0.5.4)
      multi_json (~> 1.0.3)
      simplecov-html (~> 0.5.3)
    simplecov-html (0.5.3)
    timecop (0.7.1)
    tzinfo (0.3.39)
    yard (0.8.7.4)

PLATFORMS
  ruby

DEPENDENCIES
  activerecord (>= 3.0.0, < 4.0.0)
  activesupport (>= 3.0.0, < 4.0.0)
  bcrypt
  database_cleaner
  factory_girl (>= 4.1.0)
  fivemat (= 1.2.1)
  json
  metasploit_data_models (~> 0.17.0)
  msgpack
  network_interface (~> 0.0.1)
  nokogiri
  packetfu (= 1.1.9)
  pcaprub
  pg (>= 0.11)
  rake (>= 10.0.0)
  redcarpet
  rkelly-remix (= 0.0.6)
  robots
  rspec (>= 2.12)
  shoulda-matchers
  simplecov (= 0.5.4)
  timecop
  yard
