GIT
  remote: git://github.com/rapid7/metasploit-concern.git
  revision: 25955570f568e3dca4d7c8123c9cdd660d77ad84
  branch: staging/rails-upgrade
  specs:
    metasploit-concern (1.1.0)
      activemodel (>= 4.1, < 4.2)
      activesupport (>= 4.1, < 4.2)
      railties (>= 4.1, < 4.2)

GIT
  remote: git://github.com/rapid7/metasploit-credential.git
  revision: 8ab9f2dc9f207341bbfe63cdf94a8723750435be
  branch: staging/rails-upgrade
  specs:
    metasploit-credential (1.1.0)
      metasploit-concern
      metasploit-model
      metasploit_data_models
      pg
      railties
      rubyntlm
      rubyzip (~> 1.1)

GIT
  remote: git://github.com/rapid7/metasploit-erd.git
  revision: 0e89e5028340f6fa7b8332f8517b4cd0065861ab
  branch: staging/rails-upgrade
  specs:
    metasploit-erd (1.1.0)
      activerecord (>= 4.1.0, < 4.2)
      activesupport (>= 4.1.0, < 4.2)
      rails-erd (~> 1.1)

GIT
  remote: git://github.com/rapid7/metasploit-model.git
  revision: 7ed461f7a8ef543397be9cdf06a0b910f8090327
  branch: staging/rails-upgrade
  specs:
    metasploit-model (1.1.0)
      activemodel (>= 4.1, < 4.2)
      activesupport (>= 4.1, < 4.2)
      railties (>= 4.1, < 4.2)

GIT
  remote: git://github.com/rapid7/metasploit-yard.git
  revision: 5db7698ebed25d775b94f0cbaef9ece4ae3255b3
  branch: staging/rails-upgrade
  specs:
    metasploit-yard (1.1.0)
      rake
      redcarpet
      yard

GIT
  remote: git://github.com/rapid7/metasploit_data_models.git
  revision: 7870250dba97b4d529d6ecb7af3ab726f91a5b7e
  branch: staging/rails-upgrade
  specs:
    metasploit_data_models (1.3.0)
      activerecord (>= 4.1, < 4.2)
      activesupport (>= 4.1, < 4.2)
      arel-helpers
      metasploit-concern
      metasploit-model
      pg
      postgres_ext
      railties (>= 4.1, < 4.2)
      recog (~> 2.0)

GIT
  remote: git://github.com/rapid7/yard-metasploit-erd.git
  revision: 6627ab547e86690272fcd39d8eb89fa4c6194d6e
  branch: staging/rails-upgrade
  specs:
    yard-metasploit-erd (1.1.0)
      metasploit-erd
      rails-erd
      yard

PATH
  remote: .
  specs:
    metasploit-framework (4.11.15)
      actionpack (>= 4.1.0, < 4.2.0)
      activerecord (>= 4.1.0, < 4.2.0)
      activesupport (>= 4.1.0, < 4.2.0)
      bcrypt
      filesize
      jsobfu (~> 0.4.1)
      json
      metasm (~> 1.0.2)
      metasploit-model (= 1.1.0)
      metasploit-payloads (= 1.1.2)
      msgpack
      network_interface (~> 0.0.1)
      nokogiri
      openssl-ccm (= 1.2.1)
      packetfu (= 1.1.11)
      pcaprub
      pg (>= 0.11)
      railties
      rb-readline-r7
      recog (= 2.0.14)
      robots
      rubyzip (~> 1.1)
      sqlite3
      tzinfo

GEM
  remote: https://rubygems.org/
  specs:
    actionmailer (4.1.15)
      actionpack (= 4.1.15)
      actionview (= 4.1.15)
      mail (~> 2.5, >= 2.5.4)
    actionpack (4.1.15)
      actionview (= 4.1.15)
      activesupport (= 4.1.15)
      rack (~> 1.5.2)
      rack-test (~> 0.6.2)
    actionview (4.1.15)
      activesupport (= 4.1.15)
      builder (~> 3.1)
      erubis (~> 2.7.0)
    activemodel (4.1.15)
      activesupport (= 4.1.15)
      builder (~> 3.1)
    activerecord (4.1.15)
      activemodel (= 4.1.15)
      activesupport (= 4.1.15)
      arel (~> 5.0.0)
    activesupport (4.1.15)
      i18n (~> 0.6, >= 0.6.9)
      json (~> 1.7, >= 1.7.7)
      minitest (~> 5.1)
      thread_safe (~> 0.1)
      tzinfo (~> 1.1)
    arel (5.0.1.20140414130214)
    arel-helpers (2.2.0)
      activerecord (>= 3.1.0, < 5)
    aruba (0.6.2)
      childprocess (>= 0.3.6)
      cucumber (>= 1.1.1)
      rspec-expectations (>= 2.7.0)
    bcrypt (3.1.11)
    builder (3.2.2)
    capybara (2.4.4)
      mime-types (>= 1.16)
      nokogiri (>= 1.3.3)
      rack (>= 1.0.0)
      rack-test (>= 0.5.4)
      xpath (~> 2.0)
    childprocess (0.5.5)
      ffi (~> 1.0, >= 1.0.11)
    choice (0.2.0)
    coderay (1.1.0)
    concurrent-ruby (1.0.1)
    cucumber (1.3.19)
      builder (>= 2.1.2)
      diff-lcs (>= 1.1.3)
      gherkin (~> 2.12)
      multi_json (>= 1.7.5, < 2.0)
      multi_test (>= 0.1.2)
    cucumber-rails (1.4.2)
      capybara (>= 1.1.2, < 3)
      cucumber (>= 1.3.8, < 2)
      mime-types (>= 1.16, < 3)
      nokogiri (~> 1.5)
      rails (>= 3, < 5)
    diff-lcs (1.2.5)
    docile (1.1.5)
    erubis (2.7.0)
    factory_girl (4.5.0)
      activesupport (>= 3.0.0)
    factory_girl_rails (4.5.0)
      factory_girl (~> 4.5.0)
      railties (>= 3.0.0)
    ffi (1.9.8)
    filesize (0.1.1)
    fivemat (1.3.2)
    gherkin (2.12.2)
      multi_json (~> 1.3)
    i18n (0.7.0)
    jsobfu (0.4.1)
      rkelly-remix (= 0.0.6)
    json (1.8.3)
    mail (2.6.3)
      mime-types (>= 1.16, < 3)
    metasm (1.0.2)
    metasploit-payloads (1.1.2)
    method_source (0.8.2)
    mime-types (2.99.1)
    mini_portile2 (2.0.0)
    minitest (5.8.4)
    msgpack (0.7.4)
    multi_json (1.11.2)
    multi_test (0.1.2)
    network_interface (0.0.1)
    nokogiri (1.6.7.2)
      mini_portile2 (~> 2.0.0.rc2)
    openssl-ccm (1.2.1)
    packetfu (1.1.11)
      network_interface (~> 0.0)
      pcaprub (~> 0.12)
    pcaprub (0.12.1)
    pg (0.18.4)
    pg_array_parser (0.0.9)
    postgres_ext (3.0.0)
      activerecord (>= 4.0.0)
      arel (>= 4.0.1)
      pg_array_parser (~> 0.0.9)
    pry (0.10.1)
      coderay (~> 1.1.0)
      method_source (~> 0.8.1)
      slop (~> 3.4)
    rack (1.5.5)
    rack-test (0.6.3)
      rack (>= 1.0)
    rails (4.1.15)
      actionmailer (= 4.1.15)
      actionpack (= 4.1.15)
      actionview (= 4.1.15)
      activemodel (= 4.1.15)
      activerecord (= 4.1.15)
      activesupport (= 4.1.15)
      bundler (>= 1.3.0, < 2.0)
      railties (= 4.1.15)
      sprockets-rails (~> 2.0)
    rails-erd (1.4.6)
      activerecord (>= 3.2)
      activesupport (>= 3.2)
      choice (~> 0.2.0)
      ruby-graphviz (~> 1.2)
    railties (4.1.15)
      actionpack (= 4.1.15)
      activesupport (= 4.1.15)
      rake (>= 0.8.7)
      thor (>= 0.18.1, < 2.0)
    rake (11.0.1)
    rb-readline-r7 (0.5.2.0)
    recog (2.0.14)
      nokogiri
    redcarpet (3.3.4)
    rkelly-remix (0.0.6)
    robots (0.10.1)
    rspec-core (3.3.2)
      rspec-support (~> 3.3.0)
    rspec-expectations (3.3.1)
      diff-lcs (>= 1.2.0, < 2.0)
      rspec-support (~> 3.3.0)
    rspec-mocks (3.3.2)
      diff-lcs (>= 1.2.0, < 2.0)
      rspec-support (~> 3.3.0)
    rspec-rails (3.3.3)
      actionpack (>= 3.0, < 4.3)
      activesupport (>= 3.0, < 4.3)
      railties (>= 3.0, < 4.3)
      rspec-core (~> 3.3.0)
      rspec-expectations (~> 3.3.0)
      rspec-mocks (~> 3.3.0)
      rspec-support (~> 3.3.0)
    rspec-support (3.3.0)
    ruby-graphviz (1.2.2)
    rubyntlm (0.6.0)
    rubyzip (1.2.0)
    shoulda-matchers (2.8.0)
      activesupport (>= 3.0.0)
    simplecov (0.9.2)
      docile (~> 1.1.0)
      multi_json (~> 1.0)
      simplecov-html (~> 0.9.0)
    simplecov-html (0.9.0)
    slop (3.6.0)
    sprockets (3.5.2)
      concurrent-ruby (~> 1.0)
      rack (> 1, < 3)
    sprockets-rails (2.3.3)
      actionpack (>= 3.0)
      activesupport (>= 3.0)
      sprockets (>= 2.8, < 4.0)
    sqlite3 (1.3.11)
    thor (0.19.1)
    thread_safe (0.3.5)
    timecop (0.7.3)
    tzinfo (1.2.2)
      thread_safe (~> 0.1)
    xpath (2.0.0)
      nokogiri (~> 1.3)
    yard (0.8.7.6)

PLATFORMS
  ruby

DEPENDENCIES
  aruba
  cucumber-rails
  factory_girl_rails (~> 4.5.0)
  fivemat (~> 1.3.1)
  metasploit-concern!
  metasploit-credential!
  metasploit-erd!
  metasploit-framework!
  metasploit-model!
  metasploit-yard!
  metasploit_data_models!
  pry
  rake (>= 10.0.0)
  redcarpet
  rspec-rails (~> 3.3)
  shoulda-matchers
  simplecov
  timecop
  yard
  yard-metasploit-erd!
